GEM
  remote: http://rubygems.org/
  specs:
    git (1.2.5)
    hash-utils (2.0.1)
      ruby-version
    jeweler (1.8.4)
      bundler (~> 1.0)
      git (>= 1.2.5)
      rake
      rdoc
    json (1.7.5)
    pipe-run (0.3.0)
    rake (0.9.2.2)
    rdoc (3.12)
      json (~> 1.4)
    ruby-version (0.4.2)

PLATFORMS
  ruby

DEPENDENCIES
  bundler (>= 1.0.0)
  hash-utils (>= 0.18.0)
  jeweler
  pipe-run (>= 0.2.1)
